GEM
  remote: https://rubygems.org/
  specs:
    awesome_print (1.7.0)
    curb (0.9.3)
    dotenv (2.1.2)
    json (2.0.2)
    mini_portile2 (2.1.0)
    nokogiri (1.7.0.1)
      mini_portile2 (~> 2.1.0)

PLATFORMS
  ruby

DEPENDENCIES
  awesome_print
  curb (~> 0.9.3)
  dotenv
  json (~> 2.0, >= 2.0.2)
  nokogiri

BUNDLED WITH
   1.13.6
